{
	"Modality": "MR",
	"MagneticFieldStrength": 3,
	"ImagingFrequency": 123.256,
	"Manufacturer": "Siemens",
	"ManufacturersModelName": "Skyra",
	"BodyPartExamined": "HEAD",
	"PatientPosition": "HFS",
	"SoftwareVersions": "syngo_MR_E11",
	"MRAcquisitionType": "2D",
	"ProtocolName": "3T_dMRI",
	"ScanningSequence": "EP",
	"SequenceVariant": "SK_SP",
	"ScanOptions": "PFP_FS",
	"SequenceName": "_ep_b0",
	"ImageType": ["ORIGINAL", "PRIMARY", "DIFFUSION", "NONE", "ND", "NORM", "MOSAIC"],
	"SliceThickness": 2,
	"SpacingBetweenSlices": 2,
	"EchoTime": 0.096,
	"RepetitionTime": 9.4,
	"FlipAngle": 90,
	"PartialFourier": 0.75,
	"BaseResolution": 104,
	"ShimSetting": [
		-1390,
		-15089,
		4102,
		481,
		110,
		324,
		-345,
		-23	],
	"DiffusionScheme": "Monopolar",
	"TxRefAmp": 333.474,
	"PhaseResolution": 1,
	"ReceiveCoilName": "Head_32",
	"ReceiveCoilActiveElements": "HEA;HEP",
	"PulseSequenceDetails": "%SiemensSeq%_ep2d_diff",
	"RefLinesPE": 32,
	"ConsistencyInfo": "N4_VE11C_LATEST_20160120",
	"PercentPhaseFOV": 100,
	"EchoTrainLength": 42,
	"PhaseEncodingSteps": 84,
	"AcquisitionMatrixPE": 104,
	"ReconMatrixPE": 104,
	"BandwidthPerPixelPhaseEncode": 28.703,
	"ParallelReductionFactorInPlane": 2,
	"EffectiveEchoSpacing": 0.000334996,
	"DerivedVendorReportedEchoSpacing": 0.000669992,
	"TotalReadoutTime": 0.0345046,
	"PixelBandwidth": 1715,
	"DwellTime": 2.8e-06,
	"PhaseEncodingDirection": "j",
	"SliceTiming": [
		4.69,
		0,
		4.82,
		0.13,
		4.95,
		0.26,
		5.08,
		0.39,
		5.21,
		0.52,
		5.34,
		0.65,
		5.47,
		0.78,
		5.6,
		0.9125,
		5.7325,
		1.0425,
		5.8625,
		1.1725,
		5.9925,
		1.3025,
		6.1225,
		1.4325,
		6.2525,
		1.5625,
		6.3825,
		1.6925,
		6.5125,
		1.8225,
		6.6425,
		1.9525,
		6.7725,
		2.085,
		6.905,
		2.215,
		7.035,
		2.345,
		7.165,
		2.475,
		7.295,
		2.605,
		7.425,
		2.735,
		7.555,
		2.865,
		7.685,
		2.995,
		7.815,
		3.125,
		7.945,
		3.2575,
		8.0775,
		3.3875,
		8.2075,
		3.5175,
		8.3375,
		3.6475,
		8.4675,
		3.7775,
		8.5975,
		3.9075,
		8.7275,
		4.0375,
		8.8575,
		4.1675,
		8.9875,
		4.2975,
		9.1175,
		4.43,
		9.25,
		4.56	],
	"ImageOrientationPatientDICOM": [
		0.999809,
		0.0162263,
		-0.0108856,
		-0.0167535,
		0.998597,
		-0.0502302	],
	"InPlanePhaseEncodingDirectionDICOM": "COL"
}
